{"AcqNr": 9, "Angulation": [0.0, 0.0, -20.0], "CardiacPhaseNumber": 1, "Diffusion": 0, "DiffusionBFactor": 0.0, "DiffusionBValueNumber": 1, "DiffusionEchoTime": 0.0, "DynScan": 1, "DynamicScanNumber": [1, 2, 3, 4, 5, 6, 7, 8, 9, 10, 11, 12, 13, 14, 15, 16, 17, 18, 19, 20, 21, 22, 23, 24, 25, 26, 27, 28, 29, 30, 31, 32, 33, 34, 35, 36, 37, 38, 39, 40, 41, 42, 43, 44, 45, 46, 47, 48, 49, 50, 51, 52, 53, 54, 55, 56, 57, 58, 59, 60, 61, 62, 63, 64, 65, 66, 67, 68, 69, 70, 71, 72, 73, 74, 75, 76, 77, 78, 79, 80, 81, 82, 83, 84, 85, 86, 87, 88, 89, 90, 91, 92, 93, 94, 95, 96, 97, 98, 99, 100, 101, 102, 103, 104, 105, 106, 107, 108, 109, 110, 111, 112, 113, 114, 115, 116, 117, 118, 119, 120, 121, 122, 123, 124, 125, 126, 127, 128, 129, 130, 131, 132, 133, 134, 135, 136, 137, 138, 139, 140, 141, 142, 143, 144, 145, 146, 147, 148, 149, 150, 151, 152, 153, 154, 155, 156, 157, 158, 159, 160, 161, 162, 163, 164, 165, 166, 167, 168, 169, 170, 171, 172, 173, 174, 175, 176, 177, 178, 179, 180, 181, 182, 183, 184, 185, 186, 187, 188, 189, 190, 191, 192, 193, 194, 195, 196, 197, 198, 199, 200, 201, 202, 203, 204, 205, 206, 207, 208, 209, 210, 211, 212, 213, 214, 215, 216, 217, 218, 219, 220, 221, 222, 223, 224, 225, 226, 227, 228, 229, 230, 231, 232, 233, 234, 235, 236, 237, 238, 239, 240, 241, 242, 243, 244, 245, 246, 247, 248, 249, 250, 251, 252, 253, 254, 255, 256, 257, 258, 259, 260, 261, 262, 263, 264, 265, 266, 267, 268, 269, 270, 271, 272, 273, 274, 275, 276, 277, 278, 279, 280, 281, 282, 283, 284, 285, 286, 287, 288, 289, 290, 291, 292, 293, 294, 295, 296, 297, 298, 299, 300, 301, 302, 303, 304, 305, 306, 307, 308, 309, 310, 311, 312, 313, 314, 315, 316, 317, 318, 319, 320, 321, 322, 323, 324, 325, 326, 327, 328, 329, 330, 331, 332, 333, 334, 335, 336, 337], "EchoNumber": 1, "EchoTime": 0.03, "EpiFactor": 53, "ExamDate": "2018-10-24T10:26:39", "ExamName": "EL", "FlowCompensation": 1, "Fov": [240.0, 150.6, 240.0], "ImageAngulation": [-20.0, 0.0], "ImageDisplayOrientation": 0, "ImageTypeMr": 0, "ImagePixelSize": 16, "MaxCardiacPhases": 1, "MaxDiffusionValues": 1, "MaxDynamics": 337, "MaxEchoes": 1, "MaxGradientOrient": 1, "MaxMixes": 1, "MaxSlices": 42, "Mtc": 0, "NrLabelTypes": 0, "OffCenter": [0.0, 0.0, 0.0], "PatientName": "SN", "PatientPosition": "HFS", "PhaseEncVelocity": [0.0, 0.0, 0.0], "PixelSpacing": 3.0, "PrepDirection": "RL", "Presaturation": 0, "ProtocolName": "fMRI_Run3_split SENSE", "ReconNr": 1, "ReconResolution": 80, "RepetitionTime": 2.5, "RescaleIntercept": 0.0, "RescaleSlope": 1.83516, "ScaleSlope": 0.00107264, "ScanDuration": 859.92, "ScanMode": "MS", "ScanResolution": [80, 79], "SeriesType": "Image   MRSERIES", "SliceGap": 0.6, "SliceOrientation": 1, "SliceThickness": 3.0, "SliceTiming": [0.0, 0.05952, 0.11904, 0.17856, 0.23808, 0.2976, 0.35712, 0.41664, 0.47616, 0.53568, 0.5952, 0.65472, 0.71424, 0.77376, 0.83328, 0.8928, 0.95232, 1.01184, 1.07136, 1.13088, 1.1904, 1.24992, 1.30944, 1.36896, 1.42848, 1.488, 1.54752, 1.60704, 1.66656, 1.72608, 1.7856, 1.84512, 1.90464, 1.96416, 2.02368, 2.0832, 2.14272, 2.20224, 2.26176, 2.32128, 2.3808, 2.44032], "Spir": 1, "TaskName": "fMRI", "Tech": "FEEPI", "TriggerTime": 0.0, "WaterFatShift": 13.93, "MriKey": "SNS_MRI_MCarpet_S00009_01", "DataID": "SNS_MRI_MCarpet_S00009_01", "PhaseEncodingDirection": "j-", "TotalReadoutTime": 0.031482, "EffectiveEchoSpacing": 0.000594}